GIT
  remote: git://github.com/mhanne/bitcoin-ruby-blockchain.git
  revision: 117a69507bf5034025f13fa5bc631e0570e5db8a
  specs:
    bitcoin-ruby-blockchain (0.0.1)

GEM
  remote: https://rubygems.org/
  specs:
    bitcoin-ruby (0.0.7)
    sequel (4.24.0)
    sqlite3 (1.3.10)

PLATFORMS
  ruby

DEPENDENCIES
  bitcoin-ruby
  bitcoin-ruby-blockchain!
  sequel
  sqlite3
